GIT
  remote: https://github.com/lian/bitcoin-ruby.git
  revision: 4f9ea350aebccd4879a9fb887cc01ac1fab749b3
  specs:
    bitcoin-ruby (0.0.6)

GEM
  remote: http://rubygems.org/
  specs:
    chunky_png (1.3.3)
    escper (1.2.2)
      rmagick
      serialport
    ffi (1.9.24)
    ffi-compiler (0.1.3)
      ffi (>= 1.0.0)
      rake
    rake (13.0.1)
    rmagick (4.0.0)
    rqrcode (0.4.2)
    rqrcode_png (0.1.5)
      chunky_png
      rqrcode
    scrypt (1.2.1)
      ffi-compiler (>= 0.0.2)
      rake
    serialport (1.3.1)

PLATFORMS
  ruby

DEPENDENCIES
  bitcoin-ruby!
  escper
  ffi
  rake (>= 12.3.3)
  rqrcode_png
  scrypt

BUNDLED WITH
   2.1.4
